GEM
  remote: https://rubygems.org/
  specs:
    rack (2.0.4)
    rack-rewrite (1.5.1)

PLATFORMS
  ruby

DEPENDENCIES
  rack
  rack-rewrite

RUBY VERSION
   ruby 2.5.0p0

BUNDLED WITH
   1.16.1
