GEM
  remote: https://rubygems.org/
  specs:
    rack (2.0.8)
    rack-rewrite (1.5.1)

PLATFORMS
  ruby

DEPENDENCIES
  rack (>= 2.0.6)
  rack-rewrite

RUBY VERSION
   ruby 2.5.0p0

BUNDLED WITH
   1.17.3
