GEM
  remote: https://rubygems.org/
  specs:
    rack (2.0.7)

PLATFORMS
  arm64-darwin-22

DEPENDENCIES
  rack (>= 2.0.6)

RUBY VERSION
   ruby 3.2.2p53

BUNDLED WITH
   2.4.10
