GEM
  remote: https://rubygems.org/
  specs:
    rack (3.0.8)

PLATFORMS
  arm64-darwin-22
  x86_64-linux

DEPENDENCIES
  rack (>= 2.0.6)

RUBY VERSION
   ruby 3.2.2p53

BUNDLED WITH
   2.4.14
